GEM
  remote: https://rubygems.org/
  specs:
    coffee-filter (0.1.2)
      coffee-script (>= 2.2.0)
      haml (>= 3.0.18)
    coffee-script (2.3.0)
      coffee-script-source
      execjs
    coffee-script-source (1.8.0)
    execjs (2.2.1)
    haml (4.0.5)
      tilt
    tilt (1.4.1)

PLATFORMS
  ruby

DEPENDENCIES
  coffee-filter
  haml
